GEM
  remote: https://rubygems.org/
  specs:
    ast (2.4.2)
    cane (3.0.0)
      parallel
    kwalify (0.7.2)
    minitest (5.14.4)
    parallel (1.20.1)
    parser (3.0.1.0)
      ast (~> 2.4.1)
    psych (3.3.1)
    rainbow (3.0.0)
    rake (13.0.3)
    reek (6.0.3)
      kwalify (~> 0.7.0)
      parser (~> 3.0.0)
      psych (~> 3.1)
      rainbow (>= 2.0, < 4.0)

PLATFORMS
  x86_64-darwin-19

DEPENDENCIES
  cane
  minitest
  rake
  reek

BUNDLED WITH
   2.2.16
